GEM
  remote: https://rubygems.org/
  specs:
    faraday (0.17.0)
      multipart-post (>= 1.2, < 3)
    hashie (3.6.0)
    jwt (2.2.1)
    multi_json (1.14.1)
    multi_xml (0.6.0)
    multipart-post (2.1.1)
    mustermann (1.0.3)
    oauth2 (1.4.2)
      faraday (>= 0.8, < 2.0)
      jwt (>= 1.0, < 3.0)
      multi_json (~> 1.3)
      multi_xml (~> 0.5)
      rack (>= 1.2, < 3)
    omniauth (1.9.0)
      hashie (>= 3.4.6, < 3.7.0)
      rack (>= 1.6.2, < 3)
    omniauth-facebook (5.0.0)
      omniauth-oauth2 (~> 1.2)
    omniauth-oauth2 (1.6.0)
      oauth2 (~> 1.1)
      omniauth (~> 1.9)
    rack (2.0.7)
    rack-protection (2.0.7)
      rack
    sinatra (2.0.7)
      mustermann (~> 1.0)
      rack (~> 2.0)
      rack-protection (= 2.0.7)
      tilt (~> 2.0)
    sqlite3 (1.4.1)
    tilt (2.0.10)

PLATFORMS
  x64-mingw32

DEPENDENCIES
  oauth2
  omniauth
  omniauth-facebook
  sinatra
  sqlite3

BUNDLED WITH
   2.0.2
